GEM
  remote: http://rubygems.org/
  specs:
    addressable (2.3.8)
    builder (3.2.2)
    celluloid (0.17.2)
      celluloid-essentials
      celluloid-extras
      celluloid-fsm
      celluloid-pool
      celluloid-supervision
      timers (>= 4.1.1)
    celluloid-essentials (0.20.5)
      timers (>= 4.1.1)
    celluloid-extras (0.20.5)
      timers (>= 4.1.1)
    celluloid-fsm (0.20.5)
      timers (>= 4.1.1)
    celluloid-pool (0.20.5)
      timers (>= 4.1.1)
    celluloid-supervision (0.20.5)
      timers (>= 4.1.1)
    childprocess (0.5.8)
      ffi (~> 1.0, >= 1.0.11)
    deep_merge (1.0.1)
    descendants_tracker (0.0.4)
      thread_safe (~> 0.3, >= 0.3.1)
    diff-lcs (1.2.5)
    erubis (2.7.0)
    faraday (0.9.2)
      multipart-post (>= 1.2, < 3)
    ffi (1.9.10)
    ffi (1.9.10-java)
    git (1.2.9.1)
    github_api (0.13.0)
      addressable (~> 2.3)
      descendants_tracker (~> 0.0.4)
      faraday (~> 0.8, < 0.10)
      hashie (>= 3.4)
      multi_json (>= 1.7.5, < 2.0)
      nokogiri (~> 1.6.6)
      oauth2
    hashie (3.4.3)
    highline (1.7.8)
    hitimes (1.2.3)
    hitimes (1.2.3-java)
    i18n (0.7.0)
    jeweler (2.0.1)
      builder
      bundler (>= 1.0)
      git (>= 1.2.5)
      github_api
      highline (>= 1.6.15)
      nokogiri (>= 1.5.10)
      rake
      rdoc
    json (1.8.3)
    json (1.8.3-java)
    jwt (1.5.2)
    log4r (1.1.10)
    mini_portile2 (2.0.0)
    multi_json (1.11.2)
    multi_xml (0.5.5)
    multipart-post (2.0.0)
    netrc (0.11.0)
    nokogiri (1.6.7)
      mini_portile2 (~> 2.0.0.rc2)
    nokogiri (1.6.7-java)
    oauth2 (1.0.0)
      faraday (>= 0.8, < 0.10)
      jwt (~> 1.0)
      multi_json (~> 1.3)
      multi_xml (~> 0.5)
      rack (~> 1.2)
    octokit (4.2.0)
      sawyer (~> 0.6.0, >= 0.5.3)
    rack (1.6.4)
    rake (10.4.2)
    rdoc (4.2.0)
      json (~> 1.4)
    rspec (3.4.0)
      rspec-core (~> 3.4.0)
      rspec-expectations (~> 3.4.0)
      rspec-mocks (~> 3.4.0)
    rspec-core (3.4.1)
      rspec-support (~> 3.4.0)
    rspec-expectations (3.4.0)
      diff-lcs (>= 1.2.0, < 2.0)
      rspec-support (~> 3.4.0)
    rspec-mocks (3.4.0)
      diff-lcs (>= 1.2.0, < 2.0)
      rspec-support (~> 3.4.0)
    rspec-support (3.4.1)
    rugged (0.23.3)
    sawyer (0.6.0)
      addressable (~> 2.3.5)
      faraday (~> 0.8, < 0.10)
    sshkey (1.8.0)
    thread_safe (0.3.5)
    thread_safe (0.3.5-java)
    timers (4.1.1)
      hitimes

PLATFORMS
  java
  ruby

DEPENDENCIES
  bundler (~> 1.10)
  celluloid (~> 0.17)
  childprocess (~> 0.5)
  deep_merge (~> 1.0)
  erubis (~> 2.7)
  highline (~> 1.7)
  i18n (~> 0.7)
  jeweler (~> 2.0)
  log4r (~> 1.1)
  multi_json (~> 1.11)
  netrc (~> 0.11)
  octokit (~> 4.2)
  rdoc (~> 4.2)
  rspec (~> 3.4)
  rugged (~> 0.23)
  sshkey (~> 1.8)

BUNDLED WITH
   1.10.6
